GEM
  remote: https://rubygems.org/
  specs:
    pg (0.14.1)
    puma (1.6.3)
      rack (~> 1.2)
    rack (1.4.1)
    rack-protection (1.2.0)
      rack
    rake (0.9.2.2)
    sequel (3.40.0)
    sequel_pg (1.6.0)
      pg (>= 0.8.0)
      sequel (>= 3.39.0)
    sinatra (1.3.3)
      rack (~> 1.3, >= 1.3.6)
      rack-protection (~> 1.2)
      tilt (~> 1.3, >= 1.3.3)
    tilt (1.3.3)

PLATFORMS
  ruby

DEPENDENCIES
  pg
  puma
  rake
  sequel
  sequel_pg
  sinatra
