GEM
  remote: https://bundler-api.herokuapp.com/
  specs:
    aggregate (0.2.2)
    atomic (1.0.1)
    atomic (1.0.1-java)
    avl_tree (1.1.3)
    faraday (0.8.4)
      multipart-post (~> 1.1)
    hitimes (1.1.1)
    hitimes (1.1.1-java)
    jdbc-postgres (9.1.901)
    librato-metrics (0.7.3)
      aggregate (~> 0.2.2)
      faraday (~> 0.7)
      multi_json (~> 1.3)
    lock-smith (0.0.9)
    metriks (0.9.9.1)
      atomic (~> 1.0)
      avl_tree (~> 1.1.2)
      hitimes (~> 1.1)
    metriks-middleware (1.2.3)
      metriks (~> 0.9.9)
    multi_json (1.3.6)
    multipart-post (1.1.5)
    puma (1.6.3-java)
      rack (~> 1.2)
    rack (1.4.1)
    rack-protection (1.2.0)
      rack
    rack-timeout (0.0.3)
    rake (0.9.2.2)
    sequel (3.40.0)
    sinatra (1.3.3)
      rack (~> 1.3, >= 1.3.6)
      rack-protection (~> 1.2)
      tilt (~> 1.3, >= 1.3.3)
    tilt (1.3.3)

PLATFORMS
  java
  ruby

DEPENDENCIES
  jdbc-postgres
  librato-metrics
  lock-smith
  metriks
  metriks-middleware
  puma
  rack-timeout
  rake
  sequel
  sinatra
