GEM
  remote: https://rubygems.org/
  specs:
    activesupport (3.2.9)
      i18n (~> 0.6)
      multi_json (~> 1.0)
    aggregate (0.2.2)
    artifice (0.6)
      rack-test
    atomic (1.0.1)
    atomic (1.0.1-java)
    avl_tree (1.1.3)
    diff-lcs (1.1.3)
    faraday (0.8.4)
      multipart-post (~> 1.1)
    hitimes (1.1.1)
    hitimes (1.1.1-java)
    honeybadger (1.3.1)
      activesupport
      json
    i18n (0.6.1)
    jdbc-postgres (9.1.901)
    json (1.7.5)
    json (1.7.5-java)
    librato-metrics (0.7.3)
      aggregate (~> 0.2.2)
      faraday (~> 0.7)
      multi_json (~> 1.3)
    lock-smith (0.0.9)
    metriks (0.9.9.1)
      atomic (~> 1.0)
      avl_tree (~> 1.1.2)
      hitimes (~> 1.1)
    metriks-middleware (1.3.0)
      metriks (~> 0.9.9)
    multi_json (1.3.6)
    multipart-post (1.1.5)
    puma (1.6.3-java)
      rack (~> 1.2)
    rack (1.4.1)
    rack-protection (1.2.0)
      rack
    rack-test (0.6.2)
      rack (>= 1.0)
    rack-timeout (0.0.3)
    rake (0.9.2.2)
    rspec-core (2.11.1)
    rspec-expectations (2.11.3)
      diff-lcs (~> 1.1.3)
    sequel (3.40.0)
    sinatra (1.3.3)
      rack (~> 1.3, >= 1.3.6)
      rack-protection (~> 1.2)
      tilt (~> 1.3, >= 1.3.3)
    tilt (1.3.3)

PLATFORMS
  java
  ruby

DEPENDENCIES
  artifice
  honeybadger
  jdbc-postgres
  librato-metrics
  lock-smith
  metriks
  metriks-middleware
  puma
  rack-test
  rack-timeout
  rake
  rspec-core
  rspec-expectations
  sequel
  sinatra
